PATH
  remote: .
  specs:
    dnscat2-tunnel-drivers-dns (0.0.0)
      base32 (~> 0.3.2)
      hexhelper (~> 0.0.2)
      nesser (~> 0.0.4)
      singlogger (~> 0.0.0)

GEM
  remote: https://rubygems.org/
  specs:
    base32 (0.3.2)
    docile (1.1.5)
    hexhelper (0.0.2)
    json (2.1.0)
    nesser (0.0.7)
      hexhelper
    power_assert (1.1.3)
    rake (10.5.0)
    simplecov (0.14.1)
      docile (~> 1.1.0)
      json (>= 1.8, < 3)
      simplecov-html (~> 0.10.0)
    simplecov-html (0.10.2)
    singlogger (0.0.1)
    test-unit (3.2.8)
      power_assert

PLATFORMS
  ruby

DEPENDENCIES
  bundler (~> 1.11)
  dnscat2-tunnel-drivers-dns!
  rake (~> 10.0)
  simplecov (~> 0.14.1)
  test-unit (~> 3.2.8)

BUNDLED WITH
   1.16.1
